GEM
  remote: https://rubygems.org/
  specs:
    bson (1.10.0)
    erubis (2.7.0)
    mongo (1.10.0)
      bson (~> 1.10.0)
    puma (2.8.2)
      rack (>= 1.1, < 2.0)
    rack (1.5.2)

PLATFORMS
  ruby

DEPENDENCIES
  erubis (~> 2.7)
  mongo (~> 1.10)
  puma (~> 2.8)
