GEM
  remote: https://rubygems.org/
  specs:
    bson (1.10.0)
    diff-lcs (1.2.5)
    erubis (2.7.0)
    mongo (1.10.0)
      bson (~> 1.10.0)
    rack (1.5.2)
    rack-protection (1.5.3)
      rack
    rspec (2.14.1)
      rspec-core (~> 2.14.0)
      rspec-expectations (~> 2.14.0)
      rspec-mocks (~> 2.14.0)
    rspec-core (2.14.8)
    rspec-expectations (2.14.5)
      diff-lcs (>= 1.1.3, < 2.0)
    rspec-mocks (2.14.6)
    sinatra (1.4.5)
      rack (~> 1.4)
      rack-protection (~> 1.4)
      tilt (~> 1.3, >= 1.3.4)
    tilt (1.4.1)

PLATFORMS
  ruby

DEPENDENCIES
  erubis (~> 2.7)
  mongo (~> 1.10)
  rspec (~> 2.14)
  sinatra (~> 1.4)
